PATH
  remote: .
  specs:
    cloudsponge (0.10.0)
      json (>= 1.6.1)

GEM
  remote: https://rubygems.org/
  specs:
    addressable (2.7.0)
      public_suffix (>= 2.0.2, < 5.0)
    bundler-audit (0.8.0)
      bundler (>= 1.2.0, < 3)
      thor (~> 1.0)
    crack (0.4.3)
      safe_yaml (~> 1.0.0)
    docile (1.3.5)
    hashdiff (1.0.1)
    json (2.3.0)
    power_assert (1.1.6)
    public_suffix (4.0.3)
    rake (13.0.1)
    safe_yaml (1.0.5)
    simplecov (0.21.2)
      docile (~> 1.1)
      simplecov-html (~> 0.11)
      simplecov_json_formatter (~> 0.1)
    simplecov-cobertura (1.4.2)
      simplecov (~> 0.8)
    simplecov-html (0.12.3)
    simplecov_json_formatter (0.1.2)
    test-unit (3.3.5)
      power_assert
    thor (1.1.0)
    vcr (5.1.0)
    webmock (3.8.3)
      addressable (>= 2.3.6)
      crack (>= 0.3.2)
      hashdiff (>= 0.4.0, < 2.0.0)

PLATFORMS
  ruby

DEPENDENCIES
  bundler-audit
  cloudsponge!
  rake
  simplecov
  simplecov-cobertura
  test-unit
  vcr
  webmock

BUNDLED WITH
   1.17.2
