PATH
  remote: .
  specs:
    cloudsponge (0.9.13)
      json (>= 1.6.1)

GEM
  remote: https://rubygems.org/
  specs:
    json (1.8.1)

PLATFORMS
  ruby

DEPENDENCIES
  cloudsponge!
