PATH
  remote: .
  specs:
    cloudsponge (0.9.10)
      json (>= 1.6.1)

GEM
  remote: https://rubygems.org/
  specs:
    json (1.6.1)

PLATFORMS
  ruby

DEPENDENCIES
  cloudsponge!
  json (>= 1.6.1)
