PATH
  remote: .
  specs:
    cloudsponge (0.10.0)
      json (>= 1.6.1)

GEM
  remote: https://rubygems.org/
  specs:
    addressable (2.4.0)
    crack (0.4.2)
      safe_yaml (~> 1.0.0)
    hashdiff (0.2.3)
    json (1.8.3)
    rake (13.0.1)
    safe_yaml (1.0.4)
    vcr (3.0.0)
    webmock (1.22.3)
      addressable (>= 2.3.6)
      crack (>= 0.3.2)
      hashdiff

PLATFORMS
  ruby

DEPENDENCIES
  cloudsponge!
  rake
  vcr
  webmock

BUNDLED WITH
   1.11.2
